GEM
  remote: https://rubygems.org/
  specs:
    creek (2.5.0)
      nokogiri (>= 1.10.0)
      rubyzip (>= 1.0.0)
    mini_portile2 (2.5.1)
    nokogiri (1.11.4)
      mini_portile2 (~> 2.5.0)
      racc (~> 1.4)
    racc (1.5.2)
    rack (2.0.8)
    rubyzip (2.0.0)

PLATFORMS
  ruby

DEPENDENCIES
  creek
  nokogiri
  rack

RUBY VERSION
   ruby 2.7.0p0

BUNDLED WITH
   2.1.2
